PATH
  remote: .
  specs:
    uom (1.2.2)
      extensional

GEM
  remote: http://rubygems.org/
  specs:
    columnize (0.3.4)
    extensional (1.3.1)
    rake (0.9.2.2)
    ruby-debug (0.10.4)
      columnize (>= 0.1)
      ruby-debug-base (~> 0.10.4.0)
    ruby-debug-base (0.10.4-java)
    yard (0.7.3)

PLATFORMS
  java

DEPENDENCIES
  bundler
  rake
  ruby-debug
  uom!
  yard
